GIT
  remote: git://github.com/plataformatec/simple_form.git
  revision: 87c6766396cf26462d73bf066aac66981f25bd98
  specs:
    simple_form (2.1.0.dev)
      actionpack (~> 3.0)
      activemodel (~> 3.0)

GIT
  remote: git://github.com/stevo/colorbox-rails.git
  revision: fe7419c63a979edb51ec197a7d133d6c923a8f5f
  specs:
    colorbox-rails (0.0.9)
      jquery-rails
      rails (>= 3.1.1)

GIT
  remote: https://github.com/dexion/breadcrumbs.git
  revision: ea38cd8b21bdeddb128d436c45e10d805f649981
  specs:
    breadcrumbs (1.0.1)
      rails (>= 3.0.0)

GIT
  remote: https://github.com/seyhunak/twitter-bootstrap-rails.git
  revision: 52a85ef94b995d0091761aaac73aa63e8ae24fb3
  specs:
    twitter-bootstrap-rails (2.1.4)
      actionpack (>= 3.1)
      less-rails (~> 2.2.3)
      railties (>= 3.1)
      therubyracer (>= 0.10.2)

GEM
  remote: https://rubygems.org/
  specs:
    aasm (3.0.12)
    actionmailer (3.2.8)
      actionpack (= 3.2.8)
      mail (~> 2.4.4)
    actionpack (3.2.8)
      activemodel (= 3.2.8)
      activesupport (= 3.2.8)
      builder (~> 3.0.0)
      erubis (~> 2.7.0)
      journey (~> 1.0.4)
      rack (~> 1.4.0)
      rack-cache (~> 1.2)
      rack-test (~> 0.6.1)
      sprockets (~> 2.1.3)
    activeadmin (0.5.0)
      arbre (>= 1.0.1)
      bourbon (>= 1.0.0)
      devise (>= 1.1.2)
      fastercsv
      formtastic (>= 2.0.0)
      inherited_resources (>= 1.3.1)
      jquery-rails (>= 1.0.0)
      kaminari (>= 0.13.0)
      meta_search (>= 0.9.2)
      rails (>= 3.0.0)
      sass (>= 3.1.0)
    activemodel (3.2.8)
      activesupport (= 3.2.8)
      builder (~> 3.0.0)
    activerecord (3.2.8)
      activemodel (= 3.2.8)
      activesupport (= 3.2.8)
      arel (~> 3.0.2)
      tzinfo (~> 0.3.29)
    activeresource (3.2.8)
      activemodel (= 3.2.8)
      activesupport (= 3.2.8)
    activesupport (3.2.8)
      i18n (~> 0.6)
      multi_json (~> 1.0)
    addressable (2.3.2)
    ancestry (1.3.0)
      activerecord (>= 2.3.14)
    arbre (1.0.1)
      activesupport (>= 3.0.0)
    arel (3.0.2)
    bcrypt-ruby (3.0.1)
    bourbon (2.1.1)
      sass (>= 3.1)
    builder (3.0.4)
    capybara (1.1.2)
      mime-types (>= 1.16)
      nokogiri (>= 1.3.3)
      rack (>= 1.0.0)
      rack-test (>= 0.5.4)
      selenium-webdriver (~> 2.0)
      xpath (~> 0.1.4)
    childprocess (0.3.6)
      ffi (~> 1.0, >= 1.0.6)
    ckeditor (3.7.1)
      mime-types
      orm_adapter
    cocaine (0.4.2)
    cocoon (1.1.0)
    coderay (1.0.8)
    coffee-rails (3.2.2)
      coffee-script (>= 2.2.0)
      railties (~> 3.2.0)
    coffee-script (2.2.0)
      coffee-script-source
      execjs
    coffee-script-source (1.3.3)
    commonjs (0.2.6)
    cucumber (1.2.1)
      builder (>= 2.1.2)
      diff-lcs (>= 1.1.3)
      gherkin (~> 2.11.0)
      json (>= 1.4.6)
    cucumber-rails (1.3.0)
      capybara (>= 1.1.2)
      cucumber (>= 1.1.8)
      nokogiri (>= 1.5.0)
    daemons (1.1.8)
    database_cleaner (0.8.0)
    delayed_job (3.0.3)
      activesupport (~> 3.0)
    delayed_job_active_record (0.3.2)
      activerecord (> 2.1.0)
      delayed_job (~> 3.0.0)
    devise (2.1.2)
      bcrypt-ruby (~> 3.0)
      orm_adapter (~> 0.1)
      railties (~> 3.1)
      warden (~> 1.2.1)
    diff-lcs (1.1.3)
    erb2haml (0.1.2)
      haml
      hpricot
      ruby_parser
    erubis (2.7.0)
    event-calendar (2.3.3)
    execjs (1.4.0)
      multi_json (~> 1.0)
    factory_girl (3.5.0)
      activesupport (>= 3.0.0)
    factory_girl_rails (3.5.0)
      factory_girl (~> 3.5.0)
      railties (>= 3.0.0)
    faker (1.0.1)
      i18n (~> 0.4)
    fastercsv (1.5.5)
    ffi (1.1.5)
    formtastic (2.1.1)
      actionpack (~> 3.0)
    gherkin (2.11.5)
      json (>= 1.4.6)
    guard (1.5.3)
      listen (>= 0.4.2)
      lumberjack (>= 1.0.2)
      pry (>= 0.9.10)
      thor (>= 0.14.6)
    guard-rspec (2.1.1)
      guard (>= 1.1)
      rspec (~> 2.11)
    haml (3.1.7)
    has_scope (0.5.1)
    hike (1.2.1)
    hpricot (0.8.6)
    i18n (0.6.1)
    inherited_resources (1.3.1)
      has_scope (~> 0.5.0)
      responders (~> 0.6)
    journey (1.0.4)
    jquery-rails (2.1.3)
      railties (>= 3.1.0, < 5.0)
      thor (~> 0.14)
    json (1.7.5)
    kaminari (0.14.1)
      actionpack (>= 3.0.0)
      activesupport (>= 3.0.0)
    kgio (2.7.4)
    kickstrap_rails (0.9.0RC)
      less-rails
    launchy (2.1.2)
      addressable (~> 2.3)
    less (2.2.2)
      commonjs (~> 0.2.6)
    less-rails (2.2.4)
      actionpack (>= 3.1)
      less (~> 2.2.0)
    libv8 (3.3.10.4)
    libwebsocket (0.1.5)
      addressable
    listen (0.5.3)
    lumberjack (1.0.2)
    mail (2.4.4)
      i18n (>= 0.4.0)
      mime-types (~> 1.16)
      treetop (~> 1.4.8)
    meta_search (1.1.3)
      actionpack (~> 3.1)
      activerecord (~> 3.1)
      activesupport (~> 3.1)
      polyamorous (~> 0.5.0)
    method_source (0.8.1)
    mime-types (1.19)
    multi_json (1.3.6)
    nokogiri (1.5.5)
    orm_adapter (0.4.0)
    paperclip (3.3.0)
      activemodel (>= 3.0.0)
      activerecord (>= 3.0.0)
      activesupport (>= 3.0.0)
      cocaine (~> 0.4.0)
      mime-types
    pg (0.14.1)
    polyamorous (0.5.0)
      activerecord (~> 3.0)
    polyglot (0.3.3)
    pry (0.9.10)
      coderay (~> 1.0.5)
      method_source (~> 0.8)
      slop (~> 3.3.1)
    rack (1.4.1)
    rack-cache (1.2)
      rack (>= 0.4)
    rack-ssl (1.3.2)
      rack
    rack-test (0.6.2)
      rack (>= 1.0)
    rails (3.2.8)
      actionmailer (= 3.2.8)
      actionpack (= 3.2.8)
      activerecord (= 3.2.8)
      activeresource (= 3.2.8)
      activesupport (= 3.2.8)
      bundler (~> 1.0)
      railties (= 3.2.8)
    railties (3.2.8)
      actionpack (= 3.2.8)
      activesupport (= 3.2.8)
      rack-ssl (~> 1.3.2)
      rake (>= 0.8.7)
      rdoc (~> 3.4)
      thor (>= 0.14.6, < 2.0)
    raindrops (0.10.0)
    rake (0.9.2.2)
    rdoc (3.12)
      json (~> 1.4)
    responders (0.9.3)
      railties (~> 3.1)
    rspec (2.11.0)
      rspec-core (~> 2.11.0)
      rspec-expectations (~> 2.11.0)
      rspec-mocks (~> 2.11.0)
    rspec-core (2.11.1)
    rspec-expectations (2.11.3)
      diff-lcs (~> 1.1.3)
    rspec-mocks (2.11.3)
    rspec-rails (2.11.4)
      actionpack (>= 3.0)
      activesupport (>= 3.0)
      railties (>= 3.0)
      rspec (~> 2.11.0)
    ruby_parser (2.3.1)
      sexp_processor (~> 3.0)
    rubyzip (0.9.9)
    russian (0.6.0)
      i18n (>= 0.5.0)
    sass (3.2.1)
    sass-rails (3.2.5)
      railties (~> 3.2.0)
      sass (>= 3.1.10)
      tilt (~> 1.3)
    selenium-webdriver (2.25.0)
      childprocess (>= 0.2.5)
      libwebsocket (~> 0.1.3)
      multi_json (~> 1.0)
      rubyzip
    sexp_processor (3.2.0)
    simplecov (0.6.4)
      multi_json (~> 1.0)
      simplecov-html (~> 0.5.3)
    simplecov-html (0.5.3)
    slop (3.3.3)
    sprockets (2.1.3)
      hike (~> 1.2)
      rack (~> 1.0)
      tilt (~> 1.1, != 1.3.0)
    squeel (1.0.13)
      activerecord (~> 3.0)
      activesupport (~> 3.0)
      polyamorous (~> 0.5.0)
    therubyracer (0.10.2)
      libv8 (~> 3.3.10)
    thor (0.16.0)
    tilt (1.3.3)
    treetop (1.4.11)
      polyglot
      polyglot (>= 0.3.1)
    tzinfo (0.3.33)
    uglifier (1.3.0)
      execjs (>= 0.3.0)
      multi_json (~> 1.0, >= 1.0.2)
    unicorn (4.4.0)
      kgio (~> 2.6)
      rack
      raindrops (~> 0.7)
    warden (1.2.1)
      rack (>= 1.0)
    xpath (0.1.4)
      nokogiri (~> 1.3)

PLATFORMS
  ruby

DEPENDENCIES
  aasm
  activeadmin
  ancestry
  breadcrumbs!
  capybara
  ckeditor (= 3.7.1)
  cocoon
  coffee-rails (~> 3.2.1)
  colorbox-rails!
  cucumber-rails
  daemons
  database_cleaner
  delayed_job_active_record
  erb2haml
  event-calendar
  factory_girl_rails
  faker
  formtastic (~> 2.1.1)
  guard-rspec
  haml
  has_scope
  jquery-rails
  kickstrap_rails
  launchy
  paperclip
  pg
  pry
  rails (= 3.2.8)
  rspec-rails
  russian
  sass-rails (~> 3.2.3)
  simple_form!
  simplecov
  squeel
  therubyracer
  twitter-bootstrap-rails!
  uglifier (>= 1.0.3)
  unicorn
